GEM
  remote: https://rubygems.org/
  specs:
    Ascii85 (1.0.3)
    addressable (2.7.0)
      public_suffix (>= 2.0.2, < 5.0)
    afm (0.2.2)
    asciidoctor (2.0.10)
    asciidoctor-diagram (1.5.18)
      asciidoctor (>= 1.5.0, < 3.x)
    asciidoctor-pdf (1.5.0.beta.8)
      asciidoctor (>= 1.5.3, < 3.0.0)
      concurrent-ruby (~> 1.1.0)
      prawn (~> 2.2.0)
      prawn-icon (~> 2.5.0)
      prawn-svg (~> 0.30.0)
      prawn-table (~> 0.2.0)
      prawn-templates (~> 0.1.0)
      safe_yaml (~> 1.0.0)
      thread_safe (~> 0.3.0)
      treetop (~> 1.5.0)
    coderay (1.1.1)
    concurrent-ruby (1.1.5)
    css_parser (1.7.0)
      addressable
    hashery (2.1.2)
    pdf-core (0.7.0)
    pdf-reader (2.4.0)
      Ascii85 (~> 1.0.0)
      afm (~> 0.2.1)
      hashery (~> 2.0)
      ruby-rc4
      ttfunk
    polyglot (0.3.5)
    prawn (2.2.2)
      pdf-core (~> 0.7.0)
      ttfunk (~> 1.5)
    prawn-icon (2.5.0)
      prawn (>= 1.1.0, < 3.0.0)
    prawn-svg (0.30.0)
      css_parser (~> 1.6)
      prawn (>= 0.11.1, < 3)
    prawn-table (0.2.2)
      prawn (>= 1.3.0, < 3.0.0)
    prawn-templates (0.1.2)
      pdf-reader (~> 2.0)
      prawn (~> 2.2)
    public_suffix (4.0.1)
    ruby-rc4 (0.1.5)
    safe_yaml (1.0.5)
    text-hyphen (1.4.1)
    thread_safe (0.3.6-java)
    treetop (1.5.3)
      polyglot (~> 0.3)
    ttfunk (1.5.1)

PLATFORMS
  java

DEPENDENCIES
  asciidoctor (= 2.0.10)
  asciidoctor-diagram (= 1.5.18)
  asciidoctor-pdf (= 1.5.0.beta.8)
  coderay (= 1.1.1)
  text-hyphen (= 1.4.1)

BUNDLED WITH
   2.0.2
